GEM
  remote: https://rubygems.org/
  specs:
    activesupport (6.0.2.1)
      concurrent-ruby (~> 1.0, >= 1.0.2)
      i18n 